GEM
  remote: https://rubygems.org/
  specs:
    rubytest (0.8.1)
    test (1.0.0)
      rubytest

PLATFORMS
  ruby

DEPENDENCIES
  test

RUBY VERSION
   ruby 2.3.0p0

BUNDLED WITH
   1.12.5
